GIT
  remote: git://github.com/cenotaph/rails3-jquery-autocomplete.git
  revision: 26909d6a09b3e9c629e4a45d9f9800181d7db4c7
  branch: master
  specs:
    rails3-jquery-autocomplete (1.0.11)
      rails (>= 3.0)

GIT
  remote: git://github.com/globalize/globalize.git
  revision: 74c5908da1c98b6fb120cd381f63025eb4c59b04
  branch: master
  specs:
    globalize (4.0.2)
      activemodel (>= 4.0.0, < 5)
      activerecord (>= 4.0.0, < 5)

GIT
  remote: git://github.com/josevalim/inherited_resources.git
  revision: cb178c22f9573d92e79a4c97bc77f92843fd3ca3
  specs:
    inherited_resources (1.5.1)
      actionpack (>= 3.2, < 4.2)
      has_scope (~> 0.6.0.rc)
      railties (>= 3.2, < 4.2)
      responders (~> 1.0)

GEM
  remote: https://rubygems.org/
  specs:
    actionmailer (4.1.7)
      actionpack (= 4.1.7)
      actionview (= 4.1.7)
      mail (~> 2.5, >= 2.5.4)
    actionpack (4.1.7)
      actionview (= 4.1.7)
      activesupport (= 4.1.7)
      rack (~> 1.5.2)
      rack-test (~> 0.6.2)
    actionview (4.1.7)
      activesupport (= 4.1.7)
      builder (~> 3.1)
      erubis (~> 2.7.0)
    activemodel (4.1.7)
      activesupport (= 4.1.7)
      builder (~> 3.1)
    activerecord (4.1.7)
      activemodel (= 4.1.7)
      activesupport (= 4.1.7)
      arel (~> 5.0.0)
    activesupport (4.1.7)
      i18n (~> 0.6, >= 0.6.9)
      json (~> 1.7, >= 1.7.7)
      minitest (~> 5.1)
      thread_safe (~> 0.1)
      tzinfo (~> 1.1)
    acts-as-taggable-on (3.4.2)
      activerecord (>= 3.2, < 5)
    addressable (2.3.6)
    arel (5.0.1.20140414130214)
    bcrypt (3.1.9)
    better_errors (2.0.0)
      coderay (>= 1.0.0)
      erubis (>= 2.6.6)
      rack (>= 0.9.0)
    binding_of_caller (0.7.2)
      debug_inspector (>= 0.0.1)
    buftok (0.2.0)
    builder (3.2.2)
    cancan (1.6.10)
    capistrano (3.1.0)
      i18n
      rake (>= 10.0.0)
      sshkit (~> 1.3)
    capistrano-bundler (1.1.3)
      capistrano (~> 3.1)
      sshkit (~> 1.2)
    capistrano-rails (1.1.2)
      capistrano (~> 3.1)
      capistrano-bundler (~> 1.1)
    capistrano-rvm (0.1.2)
      capistrano (~> 3.0)
      sshkit (~> 1.2)
    capybara (2.4.4)
      mime-types (>= 1.16)
      nokogiri (>= 1.3.3)
      rack (>= 1.0.0)
      rack-test (>= 0.5.4)
      xpath (~> 2.0)
    carrierwave (0.10.0)
      activemodel (>= 3.2.0)
      activesupport (>= 3.2.0)
      json (>= 1.7)
      mime-types (>= 1.16)
    celluloid (0.16.0)
      timers (~> 4.0.0)
    ckeditor (4.1.0)
      mime-types
      orm_adapter (~> 0.5.0)
    closure_tree (5.1.1)
      activerecord (>= 3.2.0)
      with_advisory_lock (>= 3.0.0)
    coderay (1.1.0)
    coffee-rails (4.0.1)
      coffee-script (>= 2.2.0)
      railties (>= 4.0.0, < 5.0)
    coffee-script (2.3.0)
      coffee-script-source
      execjs
    coffee-script-source (1.8.0)
    colorize (0.7.3)
    countries (0.9.3)
      currencies (~> 0.4.2)
    country_select (2.1.0)
      countries (~> 0.9, >= 0.9.3)
    curb (0.8.6)
    currencies (0.4.2)
    database_cleaner (1.0.1)
    debug_inspector (0.0.2)
    descendants_tracker (0.0.4)
      thread_safe (~> 0.3, >= 0.3.1)
    devise (3.4.1)
      bcrypt (~> 3.0)
      orm_adapter (~> 0.1)
      railties (>= 3.2.6, < 5)
      responders
      thread_safe (~> 0.1)
      warden (~> 1.2.3)
    devise-encryptable (0.2.0)
      devise (>= 2.1.0)
    diff-lcs (1.2.5)
    email_spec (1.6.0)
      launchy (~> 2.1)
      mail (~> 2.2)
    equalizer (0.0.9)
    erubis (2.7.0)
    etherpad-lite (0.3.0)
      rest-client (>= 1.6)
    event-calendar (2.3.3)
    excon (0.41.0)
    execjs (2.2.2)
    factory_girl (4.5.0)
      activesupport (>= 3.0.0)
    factory_girl_rails (4.5.0)
      factory_girl (~> 4.5.0)
      railties (>= 3.0.0)
    faker (1.4.3)
      i18n (~> 0.5)
    faraday (0.9.0)
      multipart-post (>= 1.2, < 3)
    feedjira (1.5.0)
      curb (~> 0.8)
      loofah (~> 2.0)
      sax-machine (~> 1.0)
    ffi (1.9.6)
    figaro (1.0.0)
      thor (~> 0.14)
    flickraw (0.9.8)
    fog (1.24.0)
      fog-brightbox
      fog-core (~> 1.23)
      fog-json
      fog-radosgw (>= 0.0.2)
      fog-sakuracloud (>= 0.0.4)
      fog-softlayer
      ipaddress (~> 0.5)
      nokogiri (~> 1.5, >= 1.5.11)
    fog-brightbox (0.6.1)
      fog-core (~> 1.22)
      fog-json
      inflecto
    fog-core (1.24.0)
      builder
      excon (~> 0.38)
      formatador (~> 0.2)
      mime-types
      net-scp (~> 1.1)
      net-ssh (>= 2.1.3)
    fog-json (1.0.0)
      multi_json (~> 1.0)
    fog-radosgw (0.0.3)
      fog-core (>= 1.21.0)
      fog-json
      fog-xml (>= 0.0.1)
    fog-sakuracloud (0.1.1)
      fog-core
      fog-json
    fog-softlayer (0.3.24)
      fog-core
      fog-json
    fog-xml (0.1.1)
      fog-core
      nokogiri (~> 1.5, >= 1.5.11)
    font-awesome-rails (4.2.0.0)
      railties (>= 3.2, < 5.0)
    formatador (0.2.5)
    formtastic (3.0.0)
      actionpack (>= 3.2.13)
    foundation-rails (5.3.0.0)
      railties (>= 3.1.0)
      sass (>= 3.2.0)
    friendly_id (5.0.4)
      activerecord (>= 4.0.0)
    friendly_id-globalize (1.0.0.alpha1)
      friendly_id (>= 5.0.0.beta4, < 6.0)
    geocoder (1.2.5)
    guard (2.8.1)
      formatador (>= 0.2.4)
      listen (~> 2.7)
      lumberjack (~> 1.0)
      pry (>= 0.9.12)
      thor (>= 0.18.1)
    guard-bundler (2.0.0)
      bundler (~> 1.0)
      guard (~> 2.2)
    guard-rails (0.6.1)
      guard (~> 2.0)
    guard-rspec (4.3.1)
      guard (~> 2.1)
      rspec (>= 2.14, < 4.0)
    haml (4.1.0.beta.1)
      tilt
    haml-rails (0.5.3)
      actionpack (>= 4.0.1)
      activesupport (>= 4.0.1)
      haml (>= 3.1, < 5.0)
      railties (>= 4.0.1)
    handles_sortable_columns (0.1.4)
    has_scope (0.6.0.rc)
      actionpack (>= 3.2, < 5)
      activesupport (>= 3.2, < 5)
    hashie (3.3.1)
    hike (1.2.3)
    hitimes (1.2.2)
    hpricot (0.8.6)
    html2haml (1.0.1)
      erubis (~> 2.7.0)
      haml (>= 4.0.0.rc.1)
      hpricot (~> 0.8.6)
      ruby_parser (~> 3.1.1)
    http (0.5.1)
      http_parser.rb
    http_accept_language (2.0.2)
    http_parser.rb (0.6.0)
    httparty (0.13.3)
      json (~> 1.8)
      multi_xml (>= 0.5.2)
    httpclient (2.5.3.2)
    hub (1.12.2)
    i18n (0.6.11)
    inflecto (0.0.2)
    innertube (1.1.0)
    ipaddress (0.8.0)
    jbuilder (1.5.3)
      activesupport (>= 3.0.0)
      multi_json (>= 1.2.0)
    joiner (0.3.3)
      activerecord (>= 4.1.0)
    jquery-rails (3.1.0)
      railties (>= 3.0, < 5.0)
      thor (>= 0.14, < 2.0)
    jquery-ui-rails (4.1.0)
      railties (>= 3.1.0)
    jquery-ui-themes (0.0.11)
      httparty
    json (1.8.1)
    jwt (1.0.0)
    kaminari (0.16.1)
      actionpack (>= 3.0.0)
      activesupport (>= 3.0.0)
    kgio (2.9.2)
    launchy (2.4.3)
      addressable (~> 2.3)
    letter_opener (1.2.0)
      launchy (~> 2.2)
    libv8 (3.16.14.7)
    listen (2.7.11)
      celluloid (>= 0.15.2)
      rb-fsevent (>= 0.9.3)
      rb-inotify (>= 0.9)
    loofah (2.0.1)
      nokogiri (>= 1.5.9)
    lumberjack (1.0.9)
    mail (2.6.3)
      mime-types (>= 1.16, < 3)
    memoizable (0.4.2)
      thread_safe (~> 0.3, >= 0.3.1)
    metamagic (3.1.6)
      rails (>= 3.0.0)
    method_source (0.8.2)
    middleware (0.1.0)
    mime-types (2.4.3)
    mini_magick (3.8.1)
      subexec (~> 0.2.1)
    mini_portile (0.6.1)
    minitest (5.4.2)
    multi_json (1.10.1)
    multi_xml (0.5.5)
    multipart-post (2.0.0)
    mysql2 (0.3.16)
    naught (1.0.0)
    nested_form (0.3.2)
    net-scp (1.2.1)
      net-ssh (>= 2.6.5)
    net-ssh (2.9.1)
    netrc (0.8.0)
    nifty-generators (0.4.6)
    nokogiri (1.6.4.1)
      mini_portile (~> 0.6.0)
    oauth (0.4.7)
    oauth-client (0.1.0)
      json (>= 1.1.2)
      oauth (>= 0.3.1)
    oauth2 (1.0.0)
      faraday (>= 0.8, < 0.10)
      jwt (~> 1.0)
      multi_json (~> 1.3)
      multi_xml (~> 0.5)
      rack (~> 1.2)
    omniauth (1.2.2)
      hashie (>= 1.2, < 4)
      rack (~> 1.0)
    omniauth-facebook (2.0.0)
      omniauth-oauth2 (~> 1.2)
    omniauth-google-oauth2 (0.2.6)
      omniauth (> 1.0)
      omniauth-oauth2 (~> 1.1)
    omniauth-oauth (1.0.1)
      oauth
      omniauth (~> 1.0)
    omniauth-oauth2 (1.2.0)
      faraday (>= 0.8, < 0.10)
      multi_json (~> 1.3)
      oauth2 (~> 1.0)
      omniauth (~> 1.2)
    omniauth-twitter (1.1.0)
      multi_json (~> 1.3)
      omniauth-oauth (~> 1.0)
    orm_adapter (0.5.0)
    paper_trail (3.0.6)
      activerecord (>= 3.0, < 5.0)
      activesupport (>= 3.0, < 5.0)
    pry (0.10.1)
      coderay (~> 1.1.0)
      method_source (~> 0.8.1)
      slop (~> 3.4)
    quiet_assets (1.0.3)
      railties (>= 3.1, < 5.0)
    rack (1.5.2)
    rack-test (0.6.2)
      rack (>= 1.0)
    rails (4.1.7)
      actionmailer (= 4.1.7)
      actionpack (= 4.1.7)
      actionview (= 4.1.7)
      activemodel (= 4.1.7)
      activerecord (= 4.1.7)
      activesupport (= 4.1.7)
      bundler (>= 1.3.0, < 2.0)
      railties (= 4.1.7)
      sprockets-rails (~> 2.0)
    rails-footnotes (4.1.4)
      rails (>= 3.2)
    railties (4.1.7)
      actionpack (= 4.1.7)
      activesupport (= 4.1.7)
      rake (>= 0.8.7)
      thor (>= 0.18.1, < 2.0)
    raindrops (0.13.0)
    rake (10.3.2)
    randumb (0.5.0)
      activerecord (>= 3.0.0)
      activesupport (>= 3.0.0)
      rake
    rb-fchange (0.0.6)
      ffi
    rb-fsevent (0.9.4)
    rb-inotify (0.9.5)
      ffi (>= 0.5.0)
    recaptcha (0.3.6)
    ref (1.0.5)
    responders (1.1.2)
      railties (>= 3.2, < 4.2)
    rest-client (1.7.2)
      mime-types (>= 1.16, < 3.0)
      netrc (~> 0.7)
    riddle (1.5.11)
    rolify (3.4.1)
    rspec (3.1.0)
      rspec-core (~> 3.1.0)
      rspec-expectations (~> 3.1.0)
      rspec-mocks (~> 3.1.0)
    rspec-core (3.1.7)
      rspec-support (~> 3.1.0)
    rspec-expectations (3.1.2)
      diff-lcs (>= 1.2.0, < 2.0)
      rspec-support (~> 3.1.0)
    rspec-mocks (3.1.3)
      rspec-support (~> 3.1.0)
    rspec-rails (3.1.0)
      actionpack (>= 3.0)
      activesupport (>= 3.0)
      railties (>= 3.0)
      rspec-core (~> 3.1.0)
      rspec-expectations (~> 3.1.0)
      rspec-mocks (~> 3.1.0)
      rspec-support (~> 3.1.0)
    rspec-support (3.1.2)
    ruby_parser (3.1.3)
      sexp_processor (~> 4.1)
    sass (3.2.19)
    sass-rails (4.0.4)
      railties (>= 4.0.0, < 5.0)
      sass (~> 3.2.2)
      sprockets (~> 2.8, < 2.12)
      sprockets-rails (~> 2.0)
    sax-machine (1.0.3)
    sexp_processor (4.4.4)
    simple_oauth (0.2.0)
    slop (3.6.0)
    soundmanager2-rails (2.97.20140901)
    sprockets (2.11.3)
      hike (~> 1.2)
      multi_json (~> 1.0)
      rack (~> 1.0)
      tilt (~> 1.1, != 1.3.0)
    sprockets-rails (2.2.0)
      actionpack (>= 3.0)
      activesupport (>= 3.0)
      sprockets (>= 2.8, < 4.0)
    sshkit (1.5.1)
      colorize
      net-scp (>= 1.1.2)
      net-ssh (>= 2.8.0)
    subexec (0.2.3)
    therubyracer (0.12.1)
      libv8 (~> 3.16.14.0)
      ref
    thinking-sphinx (3.1.0)
      activerecord (>= 3.1.0)
      builder (>= 2.1.2)
      innertube (>= 1.0.2)
      joiner (>= 0.2.0)
      middleware (>= 0.1.0)
      riddle (>= 1.5.10)
    thor (0.19.1)
    thread_safe (0.3.4)
    tilt (1.4.1)
    timers (4.0.1)
      hitimes
    truncate_html (0.9.3)
    twitter (5.6.0)
      addressable (~> 2.3)
      buftok (~> 0.2.0)
      descendants_tracker (~> 0.0.3)
      equalizer (~> 0.0.9)
      faraday (~> 0.9.0)
      http (~> 0.5.0)
      http_parser.rb (~> 0.6.0)
      json (~> 1.8)
      memoizable (~> 0.4.0)
      naught (~> 1.0)
      simple_oauth (~> 0.2.0)
    tzinfo (1.2.2)
      thread_safe (~> 0.1)
    uglifier (2.5.3)
      execjs (>= 0.3.0)
      json (>= 1.8.0)
    unf (0.1.4)
      unf_ext
    unf_ext (0.0.6)
    unicorn (4.8.3)
      kgio (~> 2.6)
      rack
      raindrops (~> 0.7)
    vimeo (1.5.4)
      httparty (>= 0.4.5)
      httpclient (>= 2.1.5.2)
      json (>= 1.1.9)
      multipart-post (>= 1.0.1)
      oauth (>= 0.4.3)
    warden (1.2.3)
      rack (>= 1.0)
    with_advisory_lock (3.0.0)
      activerecord (>= 3.2)
      thread_safe
    xpath (2.0.0)
      nokogiri (~> 1.3)

PLATFORMS
  ruby

DEPENDENCIES
  acts-as-taggable-on
  better_errors
  binding_of_caller
  cancan
  capistrano (~> 3.1.0)
  capistrano-bundler
  capistrano-rails (~> 1.1.0)
  capistrano-rvm
  capybara
  carrierwave
  ckeditor
  closure_tree
  coffee-rails (~> 4.0.0)
  country_select
  database_cleaner (= 1.0.1)
  devise
  devise-encryptable
  email_spec
  etherpad-lite
  event-calendar
  execjs
  factory_girl_rails
  faker
  feedjira
  figaro
  flickraw
  fog
  font-awesome-rails
  formtastic
  foundation-rails (= 5.3.0)
  friendly_id (~> 5.0.0)
  friendly_id-globalize
  geocoder
  globalize!
  guard-bundler
  guard-rails
  guard-rspec
  haml-rails
  handles_sortable_columns
  has_scope
  hpricot
  html2haml
  http_accept_language
  hub
  inherited_resources!
  jbuilder (~> 1.2)
  jquery-rails (= 3.1)
  jquery-ui-rails (= 4.1.0)
  jquery-ui-themes
  kaminari
  letter_opener
  metamagic
  mini_magick
  mysql2
  nested_form
  nifty-generators
  oauth-client
  omniauth-facebook
  omniauth-google-oauth2
  omniauth-twitter
  paper_trail (>= 3.0.0.rc1)
  quiet_assets
  rails (= 4.1.7)
  rails-footnotes (>= 3.7.9)
  rails3-jquery-autocomplete!
  randumb
  rb-fchange
  rb-fsevent
  rb-inotify
  recaptcha
  rolify
  rspec-rails
  sass-rails (~> 4.0.0)
  soundmanager2-rails
  therubyracer
  thinking-sphinx (= 3.1.0)
  truncate_html
  twitter (= 5.6.0)
  uglifier (>= 1.3.0)
  unf
  unicorn
  vimeo
